GEM
  remote: http://rubygems.org/
  specs:
    addressable (2.2.7)
    backports (2.1.0)
    barista (1.0.0)
      coffee-script (~> 2.1.1)
    coffee-script (2.1.3)
      coffee-script-source
    coffee-script-source (1.0.1)
    heroku (2.21.3)
      launchy (>= 0.3.2)
      netrc (~> 0.7.1)
      rest-client (~> 1.6.1)
      rubyzip
    launchy (2.0.5)
      addressable (~> 2.2.6)
    mime-types (1.17.2)
    monkey-lib (0.5.4)
      backports
    netrc (0.7.1)
    rack (1.2.1)
    rest-client (1.6.7)
      mime-types (>= 1.16)
    rubyzip (0.9.6.1)
    sinatra (1.1.0)
      rack (~> 1.1)
      tilt (~> 1.1)
    sinatra-advanced-routes (0.5.1)
      monkey-lib (~> 0.5.0)
      sinatra (~> 1.0)
      sinatra-sugar (~> 0.5.0)
    sinatra-reloader (0.5.0)
      sinatra (~> 1.0)
      sinatra-advanced-routes (~> 0.5.0)
    sinatra-sugar (0.5.0)
      monkey-lib (~> 0.5.0)
      sinatra (~> 1.0)
    tilt (1.1)

PLATFORMS
  ruby

DEPENDENCIES
  barista
  heroku
  sinatra
  sinatra-reloader
